GEM
  remote: http://www.rubygems.org/
  specs:
    ansi (1.4.2)
    coderay (1.0.5)
    colorize (0.5.8)
    ffi (1.0.11)
    guard (1.0.1)
      ffi (>= 0.5.0)
      thor (~> 0.14.6)
    guard-minitest (0.5.0)
      guard (>= 0.4)
    method_source (0.7.1)
    minitest (2.11.4)
    pry (0.9.8.4)
      coderay (~> 1.0.5)
      method_source (~> 0.7.1)
      slop (>= 2.4.4, < 3)
    rake (0.9.2.2)
    slop (2.4.4)
    thor (0.14.6)
    turn (0.9.4)
      ansi

PLATFORMS
  ruby

DEPENDENCIES
  colorize (~> 0.5.8)
  guard-minitest (~> 0.5.0)
  minitest (~> 2.11.4)
  pry (~> 0.9.8.4)
  rake (~> 0.9.2.2)
  turn (~> 0.9.4)
